GEM
  remote: http://rubygems.org/
  specs:
    aasm (2.1.5)
    abstract (1.0.0)
    actionmailer (2.3.5)
      actionpack (= 2.3.5)
    actionpack (2.3.5)
      activesupport (= 2.3.5)
      rack (~> 1.0.0)
    activerecord (2.3.5)
      activesupport (= 2.3.5)
    activeresource (2.3.5)
      activesupport (= 2.3.5)
    activesupport (2.3.5)
    authlogic (2.1.3)
      activesupport
    builder (3.0.0)
    capybara (0.3.0)
      culerity (>= 0.2.4)
      mime-types (>= 1.16)
      nokogiri (>= 1.3.3)
      rack (>= 1.0.0)
      rack-test (>= 0.5.2)
      selenium-webdriver (>= 0.0.3)
    childprocess (0.1.9)
      ffi (~> 1.0.6)
    cucumber (1.0.0)
      builder (>= 2.1.2)
      diff-lcs (>= 1.1.2)
      gherkin (~> 2.4.1)
      json (>= 1.4.6)
      term-ansicolor (>= 1.0.5)
    cucumber-rails (0.2.4)
      cucumber (>= 0.6.2)
    culerity (0.2.15)
    database_cleaner (0.4.3)
    declarative_authorization (0.5.3)
    diff-lcs (1.1.2)
    erubis (2.6.5)
      abstract (>= 1.0.0)
    factory_girl (1.2.3)
    ffi (1.0.9)
    formtastic (0.9.7)
      actionpack (>= 2.3.0)
      activesupport (>= 2.3.0)
    gherkin (2.4.2)
      json (>= 1.4.6)
    has_scope (0.4.2)
    hike (1.1.0)
    inherited_resources (1.0.3)
      has_scope (~> 0.4.2)
      responders (~> 0.4.3)
    json (1.5.3)
    json_pure (1.5.3)
    mime-types (1.16)
    mysql (2.8.1)
    nokogiri (1.5.0)
    pg (0.10.1)
    rack (1.0.1)
    rack-test (0.6.0)
      rack (>= 1.0)
    rails (2.3.5)
      actionmailer (= 2.3.5)
      actionpack (= 2.3.5)
      activerecord (= 2.3.5)
      activeresource (= 2.3.5)
      activesupport (= 2.3.5)
      rake (>= 0.8.3)
    rake (0.9.2)
    responders (0.4.8)
    rubyzip (0.9.4)
    selenium-webdriver (2.0.0)
      childprocess (>= 0.1.9)
      ffi (>= 1.0.7)
      json_pure
      rubyzip
    shoulda (2.10.3)
    sprockets (2.0.0.beta.10)
      hike (~> 1.0)
      rack (~> 1.0)
      tilt (!= 1.3.0, ~> 1.1)
    term-ansicolor (1.0.5)
    tilt (1.3.2)
    will_paginate (2.3.15)

PLATFORMS
  ruby

DEPENDENCIES
  aasm (= 2.1.5)
  authlogic (= 2.1.3)
  capybara (= 0.3.0)
  cucumber-rails (= 0.2.4)
  database_cleaner (= 0.4.3)
  declarative_authorization
  erubis (= 2.6.5)
  factory_girl (= 1.2.3)
  formtastic (= 0.9.7)
  inherited_resources (= 1.0.3)
  mysql (= 2.8.1)
  pg (= 0.10.1)
  rails (= 2.3.5)
  shoulda (= 2.10.3)
  sprockets
  will_paginate (= 2.3.15)
